GEM
  remote: https://rubygems.org/
  specs:
    connection_pool (2.2.3)
    rack (2.2.3)
    redis (4.2.5)
    sidekiq (6.1.3)
      connection_pool (>= 2.2.2)
      rack (~> 2.0)
      redis (>= 4.2.0)

PLATFORMS
  ruby

DEPENDENCIES
  sidekiq

RUBY VERSION
   ruby 2.7.2p137

BUNDLED WITH
   2.1.4
